GEM
  remote: https://rubygems.org/
  specs:
    tic_tac_doh (0.2.0)

PLATFORMS
  ruby

DEPENDENCIES
  tic_tac_doh
